GEM
  remote: https://rubygems.org/
  specs:
    diff-lcs (1.2.5)
    ipa_analyzer (0.1.0)
      plist (~> 3.1, >= 3.1.0)
      rubyzip (~> 1.1.7, >= 1.1.7)
    plist (3.2.0)
    rspec (3.4.0)
      rspec-core (~> 3.4.0)
      rspec-expectations (~> 3.4.0)
      rspec-mocks (~> 3.4.0)
    rspec-core (3.4.4)
      rspec-support (~> 3.4.0)
    rspec-expectations (3.4.0)
      diff-lcs (>= 1.2.0, < 2.0)
      rspec-support (~> 3.4.0)
    rspec-mocks (3.4.1)
      diff-lcs (>= 1.2.0, < 2.0)
      rspec-support (~> 3.4.0)
    rspec-support (3.4.1)
    rubyzip (1.1.7)

PLATFORMS
  ruby

DEPENDENCIES
  ipa_analyzer
  rspec
  rubyzip

BUNDLED WITH
   1.12.4
